GEM
  remote: https://rubygems.org/
  specs:
    builder (3.2.2)
    childprocess (0.5.5)
      ffi (~> 1.0, >= 1.0.11)
    ci_reporter (2.0.0)
      builder (>= 2.1.2)
    ci_reporter_test_unit (1.0.0)
      ci_reporter (~> 2.0)
      test-unit (~> 2.5.5)
    ffi (1.9.6)
    multi_json (1.10.1)
    parallel (1.3.3)
    parallel_tests (1.0.7)
      parallel
    rubyzip (1.1.6)
    selenium-webdriver (2.43.0)
      childprocess (~> 0.5)
      multi_json (~> 1.0)
      rubyzip (~> 1.0)
      websocket (~> 1.0)
    test-unit (2.5.5)
    websocket (1.2.1)

PLATFORMS
  ruby

DEPENDENCIES
  ci_reporter_test_unit
  parallel_tests
  selenium-webdriver
  test-unit
