GEM
  remote: https://rubygems.org/
  specs:
    builder (3.2.2)
    childprocess (0.5.6)
      ffi (~> 1.0, >= 1.0.11)
    ci_reporter (2.0.0)
      builder (>= 2.1.2)
    ci_reporter_test_unit (1.0.0)
      ci_reporter (~> 2.0)
      test-unit (~> 2.5.5)
    ffi (1.9.10)
    multi_json (1.11.2)
    parallel (1.6.1)
    parallel_tests (1.9.0)
      parallel
    rubyzip (1.1.7)
    selenium-webdriver (2.48.1)
      childprocess (~> 0.5)
      multi_json (~> 1.0)
      rubyzip (~> 1.0)
      websocket (~> 1.0)
    test-unit (2.5.5)
    websocket (1.2.2)

PLATFORMS
  ruby

DEPENDENCIES
  ci_reporter_test_unit
  parallel_tests
  selenium-webdriver
  test-unit

BUNDLED WITH
   1.10.4
