GEM
  remote: https://rubygems.org/
  specs:
    builder (3.2.2)
    childprocess (0.4.0)
      ffi (~> 1.0, >= 1.0.11)
    ci_reporter (1.9.1)
      builder (>= 2.1.2)
    ffi (1.9.3)
    multi_json (1.8.4)
    parallel (0.9.2)
    parallel_tests (0.16.9)
      parallel
    rubyzip (1.1.0)
    selenium-webdriver (2.39.0)
      childprocess (>= 0.2.5)
      multi_json (~> 1.0)
      rubyzip (~> 1.0)
      websocket (~> 1.0.4)
    test-unit (2.5.5)
    websocket (1.0.7)

PLATFORMS
  ruby

DEPENDENCIES
  ci_reporter
  parallel_tests
  selenium-webdriver
  test-unit
