GEM
  remote: https://rubygems.org/
  specs:
    childprocess (0.4.0)
      ffi (~> 1.0, >= 1.0.11)
    ffi (1.9.3)
    multi_json (1.8.4)
    rubyzip (1.1.0)
    selenium-webdriver (2.39.0)
      childprocess (>= 0.2.5)
      multi_json (~> 1.0)
      rubyzip (~> 1.0)
      websocket (~> 1.0.4)
    test-unit (2.5.5)
    websocket (1.0.7)

PLATFORMS
  ruby

DEPENDENCIES
  selenium-webdriver
  test-unit
